GEM
  remote: https://rubygems.org/
  specs:
    citrus (3.0.2)
    docopt (0.6.1)
    power_assert (1.1.5)
    test-unit (3.3.4)
      power_assert
    toml-rb (2.0.1)
      citrus (~> 3.0, > 3.0)

PLATFORMS
  ruby

DEPENDENCIES
  docopt
  test-unit
  toml-rb

BUNDLED WITH
   2.0.2
